GEM
  remote: https://rubygems.org/
  specs:
    addressable (2.3.2)
    crack (0.3.1)
    diff-lcs (1.1.3)
    gemcutter (0.7.1)
    hashie (1.2.0)
    mime-types (1.18)
    multi_json (1.3.6)
    rest-client (1.6.7)
      mime-types (>= 1.16)
    rspec (2.11.0)
      rspec-core (~> 2.11.0)
      rspec-expectations (~> 2.11.0)
      rspec-mocks (~> 2.11.0)
    rspec-core (2.11.1)
    rspec-expectations (2.11.3)
      diff-lcs (~> 1.1.3)
    rspec-mocks (2.11.3)
    simplecov (0.7.1)
      multi_json (~> 1.0)
      simplecov-html (~> 0.7.1)
    simplecov-html (0.7.1)
    vcr (2.2.5)
    webmock (1.8.11)
      addressable (>= 2.2.7)
      crack (>= 0.1.7)
    yard (0.7.4)

PLATFORMS
  ruby

DEPENDENCIES
  gemcutter
  hashie
  rest-client
  rspec
  simplecov
  vcr
  webmock
  yard
