GEM
  remote: https://rubygems.org/
  specs:
    diff-lcs (1.1.3)
    gemcutter (0.7.1)
    hashie (1.2.0)
    mime-types (1.18)
    rest-client (1.6.7)
      mime-types (>= 1.16)
    rspec (2.9.0)
      rspec-core (~> 2.9.0)
      rspec-expectations (~> 2.9.0)
      rspec-mocks (~> 2.9.0)
    rspec-core (2.9.0)
    rspec-expectations (2.9.1)
      diff-lcs (~> 1.1.3)
    rspec-mocks (2.9.0)
    yard (0.7.4)

PLATFORMS
  ruby

DEPENDENCIES
  gemcutter
  hashie
  rest-client
  rspec
  yard
