PATH
  remote: .
  specs:
    al_papi (1.0.2)
      hashie (~> 2.1.0, >= 2.1.0)
      rest-client (~> 1.6.7, >= 1.6.7)

GEM
  remote: https://rubygems.org/
  specs:
    addressable (2.3.2)
    coderay (1.1.0)
    crack (0.3.1)
    diff-lcs (1.2.5)
    docile (1.1.3)
    gemcutter (0.7.1)
    hashie (2.1.1)
    method_source (0.8.2)
    mime-types (2.2)
    multi_json (1.9.3)
    pry (0.9.12.6)
      coderay (~> 1.0)
      method_source (~> 0.8)
      slop (~> 3.4)
    rake (10.1.1)
    redcarpet (3.1.1)
    rest-client (1.6.7)
      mime-types (>= 1.16)
    rspec (2.14.1)
      rspec-core (~> 2.14.0)
      rspec-expectations (~> 2.14.0)
      rspec-mocks (~> 2.14.0)
    rspec-core (2.14.8)
    rspec-expectations (2.14.5)
      diff-lcs (>= 1.1.3, < 2.0)
    rspec-mocks (2.14.6)
    simplecov (0.8.2)
      docile (~> 1.1.0)
      multi_json
      simplecov-html (~> 0.8.0)
    simplecov-html (0.8.0)
    slop (3.5.0)
    vcr (2.2.5)
    webmock (1.8.11)
      addressable (>= 2.2.7)
      crack (>= 0.1.7)
    yard (0.8.7.4)

PLATFORMS
  ruby

DEPENDENCIES
  al_papi!
  gemcutter (~> 0.7.1, >= 0.7.1)
  pry (~> 0.9.12, >= 0.9.12.6)
  rake (~> 10.1.0, >= 10.1.0)
  redcarpet (~> 3.1.0, >= 3.1.0)
  rspec (~> 2.14.1, >= 2.14.1)
  simplecov (~> 0.8.2, >= 0.8.2)
  vcr (~> 2.2.5, >= 2.2.5)
  webmock (~> 1.8.11, >= 1.8.11)
  yard (~> 0.8.7, >= 0.8.7.4)
